GEM
  remote: https://rubygems.org/
  specs:
    jasmine (3.2.0)
      jasmine-core (= 3.2.0)
      phantomjs
      rack (>= 1.2.1)
      rake
    jasmine-core (3.2.0)
    json (2.3.0)
    phantomjs (2.1.1.0)
    rack (2.2.3.1)
    rake (12.3.3)

PLATFORMS
  ruby

DEPENDENCIES
  jasmine
  json
  rake

BUNDLED WITH
   1.16.1
